PATH
  remote: .
  specs:
    parser (0.1.0)

GEM
  remote: https://rubygems.org/
  specs:
    base64 (0.1.1)
    builder (3.2.4)
    coderay (1.1.3)
    gyoku (1.4.0)
      builder (>= 2.1.2)
      rexml (~> 3.0)
    json (2.6.3)
    language_server-protocol (3.17.0.3)
    method_source (1.0.0)
    minitest (5.19.0)
    parallel (1.23.0)
    power_assert (2.0.3)
    pry (0.14.2)
      coderay (~> 1.1)
      method_source (~> 1.0)
    rainbow (3.1.1)
    rake (13.0.6)
    regexp_parser (2.8.1)
    rexml (3.2.6)
    rubocop (1.56.0)
      base64 (~> 0.1.1)
      json (~> 2.3)
      language_server-protocol (>= 3.17.0)
      parallel (~> 1.10)
      parser (>= 3.2.2.3)
      rainbow (>= 2.2.2, < 4.0)
      regexp_parser (>= 1.8, < 3.0)
      rexml (>= 3.2.5, < 4.0)
      rubocop-ast (>= 1.28.1, < 2.0)
      ruby-progressbar (~> 1.7)
      unicode-display_width (>= 2.4.0, < 3.0)
    rubocop-ast (1.29.0)
      parser (>= 3.2.1.0)
    ruby-progressbar (1.13.0)
    unicode-display_width (2.4.2)

PLATFORMS
  ruby
  x86_64-linux

DEPENDENCIES
  gyoku (~> 1.4)
  minitest (~> 5.0)
  parser!
  power_assert (~> 2.0)
  pry (~> 0.14.2)
  rake (~> 13.0)
  rubocop (~> 1.21)

BUNDLED WITH
   2.4.2
